GIT
  remote: https://github.com/sinatra/sinatra.git
  revision: b4f61f59cf8f938db261a6561a69ca61d01e8581
  specs:
    rack-protection (3.0.0)
      rack
    sinatra (3.0.0)
      mustermann (~> 1.0)
      rack (~> 2.2)
      rack-protection (= 3.0.0)
      tilt (~> 2.0)
    sinatra-contrib (3.0.0)
      multi_json
      mustermann (~> 1.0)
      rack-protection (= 3.0.0)
      sinatra (= 3.0.0)
      tilt (~> 2.0)

GEM
  remote: https://rubygems.org/
  specs:
    activemodel (7.0.4.3)
      activesupport (= 7.0.4.3)
    activerecord (7.0.4.3)
      activemodel (= 7.0.4.3)
      activesupport (= 7.0.4.3)
    activesupport (7.0.4.3)
      concurrent-ruby (~> 1.0, >= 1.0.2)
      i18n (>= 1.6, < 2)
      minitest (>= 5.1)
      tzinfo (~> 2.0)
    bcrypt (3.1.19)
    concurrent-ruby (1.2.2)
    diff-lcs (1.5.0)
    dotenv (2.8.1)
    i18n (1.13.0)
      concurrent-ruby (~> 1.0)
    minitest (5.18.0)
    multi_json (1.15.0)
    mustermann (1.1.2)
      ruby2_keywords (~> 0.0.1)
    pg (1.5.6)
    rack (2.2.7)
    rake (13.0.6)
    rspec (3.12.0)
      rspec-core (~> 3.12.0)
      rspec-expectations (~> 3.12.0)
      rspec-mocks (~> 3.12.0)
    rspec-core (3.12.2)
      rspec-support (~> 3.12.0)
    rspec-expectations (3.12.3)
      diff-lcs (>= 1.2.0, < 2.0)
      rspec-support (~> 3.12.0)
    rspec-mocks (3.12.5)
      diff-lcs (>= 1.2.0, < 2.0)
      rspec-support (~> 3.12.0)
    rspec-support (3.12.0)
    ruby2_keywords (0.0.5)
    sinatra-activerecord (2.0.26)
      activerecord (>= 4.1)
      sinatra (>= 1.0)
    tilt (2.1.0)
    tzinfo (2.0.6)
      concurrent-ruby (~> 1.0)

PLATFORMS
  arm64-darwin-21
  ruby

DEPENDENCIES
  bcrypt
  dotenv (~> 2.7)
  multi_json
  pg
  rake
  rspec
  sinatra!
  sinatra-activerecord
  sinatra-contrib!

RUBY VERSION
   ruby 2.7.5p203

BUNDLED WITH
   2.3.7
